GEM
  remote: https://rubygems.org/
  specs:
    builder (3.2.3)
    concurrent-ruby (1.1.5)
    cucumber (2.99.0)
      builder (>= 2.1.2)
      cucumber-core (~> 1.5.0)
      cucumber-wire (~> 0.0.1)
      diff-lcs (>= 1.1.3)
      gherkin (~> 4.0)
      multi_json (>= 1.7.5, < 2.0)
      multi_test (>= 0.1.2)
    cucumber-core (1.5.0)
      gherkin (~> 4.0)
    cucumber-wire (0.0.1)
    diff-lcs (1.3)
    gherkin (4.1.3)
    multi_json (1.15.0)
    multi_test (0.1.2)
    mustermann (3.0.0)
      ruby2_keywords (~> 0.0.1)
    pg (1.1.4)
    rack (2.2.4)
    rack-protection (3.0.4)
      rack
    rack-test (2.0.2)
      rack (>= 1.3)
    rspec (3.9.0)
      rspec-core (~> 3.9.0)
      rspec-expectations (~> 3.9.0)
      rspec-mocks (~> 3.9.0)
    rspec-core (3.9.0)
      rspec-support (~> 3.9.0)
    rspec-expectations (3.9.0)
      diff-lcs (>= 1.2.0, < 2.0)
      rspec-support (~> 3.9.0)
    rspec-mocks (3.9.0)
      diff-lcs (>= 1.2.0, < 2.0)
      rspec-support (~> 3.9.0)
    rspec-support (3.9.0)
    ruby2_keywords (0.0.5)
    sequel (5.27.0)
    sequel_pg (1.12.2)
      pg (>= 0.18.0)
      sequel (>= 4.38.0)
    sinatra (3.0.4)
      mustermann (~> 3.0)
      rack (~> 2.2, >= 2.2.4)
      rack-protection (= 3.0.4)
      tilt (~> 2.0)
    sinatra-contrib (3.0.4)
      multi_json
      mustermann (~> 3.0)
      rack-protection (= 3.0.4)
      sinatra (= 3.0.4)
      tilt (~> 2.0)
    sinatra-flash (0.3.0)
      sinatra (>= 1.0.0)
    sucker_punch (2.1.2)
      concurrent-ruby (~> 1.0)
    tilt (2.0.11)

PLATFORMS
  ruby

DEPENDENCIES
  cucumber (~> 2.4)
  rack (~> 2.2.4)
  rack-test (~> 2.0.2)
  rspec (~> 3.4)
  sequel_pg (~> 1.6, >= 1.6.13)
  sinatra (~> 3.0.4)
  sinatra-contrib (~> 3.0.4)
  sinatra-flash (~> 0.3.0)
  sucker_punch (~> 2.0, >= 2.0.4)

BUNDLED WITH
   1.17.2
